GEM
  specs:
    concurrent-ruby (1.0.5)
    hike (1.2.3)
    hyper-react (0.12.7)
      hyper-store (>= 0.2.1)
      hyperloop-config (>= 0.9.7)
      opal (>= 0.8.0)
      opal-activesupport (>= 0.2.0)
    hyper-store (0.2.3)
      hyperloop-config (>= 0.9.2)
    hyperloop-config (0.9.10)
      opal
      opal-browser
    opal (0.10.5)
      hike (~> 1.2)
      sourcemap (~> 0.1.0)
      sprockets (~> 3.1)
      tilt (>= 1.4)
    opal-activesupport (0.3.0)
      opal (>= 0.5.0, < 1.0.0)
    opal-browser (0.2.0)
      opal
      paggio
    opal-jquery (0.4.2)
      opal (>= 0.7.0, < 0.11.0)
    paggio (0.2.6)
    rack (2.0.3)
    sourcemap (0.1.1)
    sprockets (3.7.1)
      concurrent-ruby (~> 1.0)
      rack (> 1, < 3)
    tilt (2.0.8)

PLATFORMS
  ruby

DEPENDENCIES
  hyper-react
  hyperloop-config
  opal
  opal-browser
  opal-jquery

BUNDLED WITH
   1.14.6
